GEM
  remote: https://rubygems.org/
  specs:
    activesupport (3.0.20)
    addressable (2.2.8)
    backports (3.3.2)
    coderay (1.0.9)
    eventmachine (1.0.3)
    excon (0.5.8)
    faraday (0.5.7)
      addressable (~> 2.2.4)
      multipart-post (~> 1.1.0)
      rack (>= 1.1.0, < 2)
      rack (>= 1.1.0, < 2)
    github-markup (0.7.5)
    haml (3.1.7)
    i18n (0.5.0)
    method_source (0.8.1)
    multipart-post (1.1.5)
    nokogiri (1.5.6)
    pingdom-client (0.0.6.alpha)
      activesupport (~> 3.0.4)
      excon (~> 0.5.6)
      faraday (~> 0.5.7)
      i18n (~> 0.5.0)
      yajl-ruby (~> 0.8.1)
    pry (0.9.12.2)
      coderay (~> 1.0.5)
      method_source (~> 0.8)
      slop (~> 3.4)
    rack (1.5.2)
    rack-protection (1.5.0)
      rack
    rack-test (0.6.2)
      rack (>= 1.0)
    rdiscount (1.6.8)
    sass (3.2.5)
    sinatra (1.4.3)
      rack (~> 1.4)
      rack-protection (~> 1.4)
      tilt (~> 1.3, >= 1.3.4)
    sinatra-contrib (1.4.0)
      backports (>= 2.0)
      eventmachine
      rack-protection
      rack-test
      sinatra (~> 1.4.2)
      tilt (~> 1.3)
    sinatra-reloader (1.0)
      sinatra-contrib
    slop (3.4.5)
    tilt (1.4.1)
    yajl-ruby (0.8.3)

PLATFORMS
  ruby

DEPENDENCIES
  github-markup
  haml
  nokogiri
  pingdom-client
  pry
  rdiscount
  sass
  sinatra
  sinatra-contrib
  sinatra-reloader
